GEM
  remote: https://rubygems.org/
  specs:
    activesupport (7.1.3.2)
      base64
      bigdecimal
      concurrent-ruby (~> 1.0, >= 1.0.2)
      connection_pool (>= 2.2.5)
      drb
      i18n (>= 1.6, < 2)
      minitest (>= 5.1)
      mutex_m
      tzinfo (~> 2.0)
    addressable (2.8.6)
      public_suffix (>= 2.0.2, < 6.0)
    base64 (0.2.0)
    bigdecimal (3.1.7)
    builder (3.2.4)
    coderay (1.1.3)
    colored (1.2)
    concurrent-ruby (1.2.3)
    connection_pool (2.4.1)
    cri (2.15.11)
    ddmetrics (1.1.0)
    ddplugin (1.0.3)
    diff-lcs (1.5.1)
    drb (2.2.1)
    ffi (1.16.3)
    formatador (1.1.0)
    guard (2.18.1)
      formatador (>= 0.2.4)
      listen (>= 2.7, < 4.0)
      lumberjack (>= 1.0.12, < 2.0)
      nenv (~> 0.1)
      notiffany (~> 0.0)
      pry (>= 0.13.0)
      shellany (~> 0.0)
      thor (>= 0.18.1)
    guard-compat (1.2.1)
    guard-nanoc (2.1.9)
      guard (~> 2.8)
      guard-compat (~> 1.0)
      nanoc-cli (~> 4.11, >= 4.11.14)
      nanoc-core (~> 4.11, >= 4.11.14)
    haml (5.2.2)
      temple (>= 0.8.0)
      tilt
    hamster (3.0.0)
      concurrent-ruby (~> 1.0)
    i18n (1.14.5)
      concurrent-ruby (~> 1.0)
    json_schema (0.21.0)
    listen (3.9.0)
      rb-fsevent (~> 0.10, >= 0.10.3)
      rb-inotify (~> 0.9, >= 0.9.10)
    lumberjack (1.2.10)
    memo_wise (1.8.0)
    method_source (1.1.0)
    mini_portile2 (2.8.8)
    minitest (5.22.3)
    mutex_m (0.2.0)
    nanoc (4.12.7)
      addressable (~> 2.5)
      colored (~> 1.2)
      nanoc-checking (~> 1.0, >= 1.0.2)
      nanoc-cli (= 4.12.7)
      nanoc-core (= 4.12.7)
      nanoc-deploying (~> 1.0)
      parallel (~> 1.12)
      tty-command (~> 0.8)
      tty-which (~> 0.4)
    nanoc-checking (1.0.5)
      nanoc-cli (~> 4.12, >= 4.12.5)
      nanoc-core (~> 4.12, >= 4.12.5)
    nanoc-cli (4.12.7)
      cri (~> 2.15)
      diff-lcs (~> 1.3)
      nanoc-core (= 4.12.7)
      zeitwerk (~> 2.1)
    nanoc-core (4.12.7)
      concurrent-ruby (~> 1.1)
      ddmetrics (~> 1.0)
      ddplugin (~> 1.0)
      hamster (~> 3.0)
      json_schema (~> 0.19)
      memo_wise (~> 1.5)
      psych (~> 4.0)
      slow_enumerator_tools (~> 1.0)
      tty-platform (~> 0.2)
      zeitwerk (~> 2.1)
    nanoc-deploying (1.0.2)
      nanoc-checking (~> 1.0)
      nanoc-cli (~> 4.11, >= 4.11.15)
      nanoc-core (~> 4.11, >= 4.11.15)
    nenv (0.3.0)
    nokogiri (1.18.7)
      mini_portile2 (~> 2.8.2)
      racc (~> 1.4)
    nokogiri (1.18.7-aarch64-linux-gnu)
      racc (~> 1.4)
    nokogiri (1.18.7-arm-linux-gnu)
      racc (~> 1.4)
    nokogiri (1.18.7-arm64-darwin)
      racc (~> 1.4)
    nokogiri (1.18.7-x86_64-darwin)
      racc (~> 1.4)
    nokogiri (1.18.7-x86_64-linux-gnu)
      racc (~> 1.4)
    notiffany (0.1.3)
      nenv (~> 0.1)
      shellany (~> 0.0)
    parallel (1.24.0)
    pastel (0.8.0)
      tty-color (~> 0.5)
    pry (0.14.2)
      coderay (~> 1.1)
      method_source (~> 1.0)
    psych (4.0.6)
      stringio
    public_suffix (5.0.5)
    racc (1.7.3)
    rb-fsevent (0.11.2)
    rb-inotify (0.10.1)
      ffi (~> 1.0)
    rubypants (0.7.1)
    shellany (0.0.1)
    slow_enumerator_tools (1.1.0)
    stringio (3.1.0)
    temple (0.10.3)
    thor (1.3.1)
    tilt (2.3.0)
    tty-color (0.6.0)
    tty-command (0.10.1)
      pastel (~> 0.8)
    tty-platform (0.3.0)
    tty-which (0.5.0)
    tzinfo (2.0.6)
      concurrent-ruby (~> 1.0)
    zeitwerk (2.6.13)

PLATFORMS
  aarch64-linux
  arm-linux
  arm64-darwin
  x86-linux
  x86_64-darwin
  x86_64-linux

DEPENDENCIES
  activesupport
  builder
  guard-nanoc
  haml (= 5.2.2)
  nanoc (= 4.12.7)
  nokogiri
  rubypants

BUNDLED WITH
   2.5.14
